GEM
  remote: http://rubygems.org/
  specs:
    gdata (1.1.2)
    haml (3.0.25)
    json (1.5.1)
    koala (1.0.0.rc)
      json (~> 1.0)
      multipart-post (~> 1.0)
    multipart-post (1.1.0)
    newrelic_rpm (2.14.1)
    rack (1.2.2)
    rack-flash (0.1.1)
      rack
    sinatra (1.2.2)
      rack (~> 1.1)
      tilt (< 2.0, >= 1.2.2)
    sinatra-redirect-with-flash (0.1.2)
      rack-flash (>= 0.1.1)
      sinatra (>= 0.9.1)
    tilt (1.2.2)

PLATFORMS
  ruby

DEPENDENCIES
  gdata (= 1.1.2)
  haml (= 3.0.25)
  koala (> 1.0.0.beta)
  newrelic_rpm (= 2.14.1)
  rack-flash (= 0.1.1)
  sinatra (= 1.2.2)
  sinatra-redirect-with-flash (= 0.1.2)
